GIT
  remote: git://github.com/epifanov/spree_advanced_cart.git
  revision: 90fa4399a69cadc6985bef93d967b60c59f83cc6
  specs:
    spree_advanced_cart (0.40.0)
      spree_core (>= 0.40.0)
      spree_promo (>= 0.40.0)
      zip-code-info (>= 0.1.0)

GIT
  remote: git://github.com/secoint/spree-yandex-market.git
  revision: a42e107f7197fe4da3dbb26d6f483ea7ad2fa32b
  specs:
    spree_yandex_market (1.3.1)
      nokogiri (~> 1.5)
      spree_core (~> 0.70.0)

GIT
  remote: git://github.com/secoint/spree.git
  revision: 4547bf9bf07ac8bb1bf65a0a36878d586aeccd80
  branch: 0-70-stable
  specs:
    spree (0.70.7)
      spree_api (= 0.70.7)
      spree_auth (= 0.70.7)
      spree_core (= 0.70.7)
      spree_dash (= 0.70.7)
      spree_promo (= 0.70.7)
      spree_sample (= 0.70.7)
    spree_api (0.70.7)
      spree_auth (= 0.70.7)
      spree_core (= 0.70.7)
    spree_auth (0.70.7)
      cancan (= 1.6.5)
      devise (= 1.4.7)
      spree_core (= 0.70.7)
    spree_core (0.70.7)
      activemerchant (= 1.17.0)
      acts_as_list (= 0.1.4)
      deface (>= 0.7.0)
      faker (= 1.0.0)
      highline (= 1.6.2)
      jquery-rails (>= 1.0.14)
      kaminari (>= 0.12.4)
      meta_search (= 1.1.1)
      nested_set (= 1.6.8)
      paperclip (= 2.5.0)
      rails (= 3.1.6)
      rd_find_by_param (= 0.1.1)
      rd_resource_controller
      state_machine (= 1.0.1)
      stringex (= 1.3.0)
    spree_dash (0.70.7)
      spree_core (= 0.70.7)
    spree_promo (0.70.7)
      spree_auth (= 0.70.7)
      spree_core (= 0.70.7)
    spree_sample (0.70.7)
      spree_core (= 0.70.7)

GIT
  remote: git://github.com/secoint/spree_i18n.git
  revision: fd017af18d8fdcf2402047bf96864ae91233e7a6
  specs:
    spree_i18n (1.0.0)
      spree_core (>= 0.30.0)

GIT
  remote: git://github.com/secoint/spree_online_support.git
  revision: 31d98d1a7def718046cfdbb3766fd444bcb0f1e0
  specs:
    spree_online_support (0.70.0)
      spree_core (>= 0.70.0)

GIT
  remote: git://github.com/secoint/synergy.git
  revision: 171e629d86d0ab25872f61688538a632a3fc2be3
  branch: 0-70-stable
  specs:
    synergy (0.70.7)
      json (>= 1.5)
      nokogiri (~> 1.5)
      ru_propisju (~> 1.1.0)
      spree (~> 0.70.7)
      spree_address_book (~> 0.70.0)
      spree_dynamic_sitemaps (~> 0.50.1)
      spree_editor (~> 0.70.0)
      spree_online_support (~> 0.70.0)
      spree_static_content (~> 0.70.0)
      synergy_mainpay (~> 0.70.1)
      synergy_russian (= 0.2.8)

GIT
  remote: git://github.com/secoint/synergy_inventory_management.git
  revision: 7b508a1f8393164c20e079671aa956557960e8df
  branch: 0-70
  specs:
    synergy_inventory_management (0.2)
      spree_core (>= 0.60.1)

GIT
  remote: git://github.com/spree/spree_blue_theme.git
  revision: b4ff96284a7374ddb86fa972c0db4af1c0e663cd
  branch: 0-70-stable
  specs:
    spree_blue_theme (0.1.0)

GIT
  remote: git://github.com/spree/spree_editor.git
  revision: 697cd05c73ce6aabe5556ffc9f229c55f4b83b7d
  branch: 0-70-x
  specs:
    spree_editor (0.70.0)
      spree_core (>= 0.70.0)
      tinymce-rails (>= 3.4.7)

GIT
  remote: git://github.com/spree/spree_static_content
  revision: f3cc3403efbb4a47c75f548eb1b261a9493ab03a
  branch: 0-70-stable
  specs:
    spree_static_content (0.70.3)
      formtastic
      spree_auth (>= 0.70.1)
      spree_core (>= 0.70.1)

GEM
  remote: http://rubygems.org/
  specs:
    actionmailer (3.1.6)
      actionpack (= 3.1.6)
      mail (~> 2.3.3)
    actionpack (3.1.6)
      activemodel (= 3.1.6)
      activesupport (= 3.1.6)
      builder (~> 3.0.0)
      erubis (~> 2.7.0)
      i18n (~> 0.6)
      rack (~> 1.3.6)
      rack-cache (~> 1.2)
      rack-mount (~> 0.8.2)
      rack-test (~> 0.6.1)
      sprockets (~> 2.0.4)
    activemerchant (1.17.0)
      activesupport (>= 2.3.11)
      braintree (>= 2.0.0)
      builder (>= 2.0.0)
      json (>= 1.5.1)
    activemodel (3.1.6)
      activesupport (= 3.1.6)
      builder (~> 3.0.0)
      i18n (~> 0.6)
    activerecord (3.1.6)
      activemodel (= 3.1.6)
      activesupport (= 3.1.6)
      arel (~> 2.2.3)
      tzinfo (~> 0.3.29)
    activeresource (3.1.6)
      activemodel (= 3.1.6)
      activesupport (= 3.1.6)
    activesupport (3.1.6)
      multi_json (>= 1.0, < 1.3)
    acts_as_list (0.1.4)
    addressable (2.3.2)
    airbrake (3.1.6)
      builder
      girl_friday
    arel (2.2.3)
    bcrypt-ruby (3.0.1)
    braintree (2.20.0)
      builder (>= 2.0.0)
    builder (3.0.4)
    cancan (1.6.5)
    capistrano (2.13.5)
      highline
      net-scp (>= 1.0.0)
      net-sftp (>= 2.0.0)
      net-ssh (>= 2.0.14)
      net-ssh-gateway (>= 1.1.0)
    cgi_multipart_eof_fix (2.5.0)
    chronic (0.8.0)
    cocaine (0.3.1)
    coffee-rails (3.1.1)
      coffee-script (>= 2.2.0)
      railties (~> 3.1.0)
    coffee-script (2.2.0)
      coffee-script-source
      execjs
    coffee-script-source (1.4.0)
    connection_pool (0.9.2)
    daemons (1.1.9)
    dalli (1.0.5)
    deface (0.9.1)
      nokogiri (~> 1.5.0)
      rails (~> 3.1)
    devise (1.4.7)
      bcrypt-ruby (~> 3.0)
      orm_adapter (~> 0.0.3)
      warden (~> 1.0.3)
    diff-lcs (1.1.3)
    erubis (2.7.0)
    execjs (1.4.0)
      multi_json (~> 1.0)
    faker (1.0.0)
      i18n (~> 0.4)
    fastthread (1.0.7)
    formtastic (2.2.1)
      actionpack (>= 3.0)
    gem_plugin (0.2.3)
    girl_friday (0.11.1)
      connection_pool (~> 0.9.0)
      rubinius-actor
    highline (1.6.2)
    hike (1.2.1)
    i18n (0.6.1)
    jquery-rails (2.1.3)
      railties (>= 3.1.0, < 5.0)
      thor (~> 0.14)
    json (1.7.5)
    kaminari (0.14.1)
      actionpack (>= 3.0.0)
      activesupport (>= 3.0.0)
    kgio (2.7.0)
    launchy (2.1.2)
      addressable (~> 2.3)
    letter_opener (1.0.0)
      launchy (>= 2.0.4)
    libv8 (3.3.10.4)
    mail (2.3.3)
      i18n (>= 0.4.0)
      mime-types (~> 1.16)
      treetop (~> 1.4.8)
    meta_search (1.1.1)
      actionpack (~> 3.1.0)
      activerecord (~> 3.1.0)
      activesupport (~> 3.1.0)
      polyamorous (~> 0.5.0)
    mime-types (1.19)
    mongrel (1.1.5)
      cgi_multipart_eof_fix (>= 2.4)
      daemons (>= 1.0.3)
      fastthread (>= 1.0.1)
      gem_plugin (>= 0.2.3)
    multi_json (1.2.0)
    mysql2 (0.3.11)
    nested_set (1.6.8)
      activerecord (>= 3.0.0)
      railties (>= 3.0.0)
    net-scp (1.0.4)
      net-ssh (>= 1.99.1)
    net-sftp (2.0.5)
      net-ssh (>= 2.0.9)
    net-ssh (2.6.1)
    net-ssh-gateway (1.1.0)
      net-ssh (>= 1.99.1)
    nokogiri (1.5.5)
    orm_adapter (0.0.7)
    paperclip (2.5.0)
      activerecord (>= 2.3.0)
      activesupport (>= 2.3.2)
      cocaine (>= 0.0.2)
      mime-types
    polyamorous (0.5.0)
      activerecord (~> 3.0)
    polyglot (0.3.3)
    rack (1.3.6)
    rack-cache (1.2)
      rack (>= 0.4)
    rack-mount (0.8.3)
      rack (>= 1.0.0)
    rack-ssl (1.3.2)
      rack
    rack-test (0.6.2)
      rack (>= 1.0)
    rails (3.1.6)
      actionmailer (= 3.1.6)
      actionpack (= 3.1.6)
      activerecord (= 3.1.6)
      activeresource (= 3.1.6)
      activesupport (= 3.1.6)
      bundler (~> 1.0)
      railties (= 3.1.6)
    railties (3.1.6)
      actionpack (= 3.1.6)
      activesupport (= 3.1.6)
      rack-ssl (~> 1.3.2)
      rake (>= 0.8.7)
      rdoc (~> 3.4)
      thor (~> 0.14.6)
    raindrops (0.10.0)
    rake (10.0.1)
    rd_find_by_param (0.1.1)
      activerecord (~> 3.0)
      activesupport (~> 3.0)
    rd_resource_controller (1.0.1)
    rdoc (3.12)
      json (~> 1.4)
    role-rails (1.3.1)
      rails (>= 3.1.0)
    rspec-core (2.12.0)
    rspec-expectations (2.12.0)
      diff-lcs (~> 1.1.3)
    rspec-mocks (2.12.0)
    rspec-rails (2.12.0)
      actionpack (>= 3.0)
      activesupport (>= 3.0)
      railties (>= 3.0)
      rspec-core (~> 2.12.0)
      rspec-expectations (~> 2.12.0)
      rspec-mocks (~> 2.12.0)
    ru_propisju (1.1.0)
    rubinius-actor (0.0.2)
      rubinius-core-api
    rubinius-core-api (0.0.1)
    rvm-capistrano (1.2.7)
      capistrano (>= 2.0.0)
    sass (3.2.3)
    sass-rails (3.1.6)
      actionpack (~> 3.1.0)
      railties (~> 3.1.0)
      sass (>= 3.1.10)
      tilt (~> 1.3.2)
    sitemap_generator (3.4)
      builder
    slim (1.3.4)
      temple (~> 0.5.5)
      tilt (~> 1.3.3)
    spree_address_book (0.70.0)
      spree_auth (~> 0.70.0)
      spree_core (~> 0.70.0)
    spree_dynamic_sitemaps (0.50.1)
    sprockets (2.0.4)
      hike (~> 1.2)
      rack (~> 1.0)
      tilt (~> 1.1, != 1.3.0)
    state_machine (1.0.1)
    stringex (1.3.0)
    synergy_mainpay (0.70.1)
      spree_core (>= 0.70.1)
    synergy_russian (0.2.8)
    temple (0.5.5)
    therubyracer (0.10.2)
      libv8 (~> 3.3.10)
    thor (0.14.6)
    tilt (1.3.3)
    tinymce-rails (3.5.7.1)
      railties (>= 3.1.1)
    tinymce-rails-langs (0.1)
      tinymce-rails (>= 3.4.9)
    treetop (1.4.12)
      polyglot
      polyglot (>= 0.3.1)
    tzinfo (0.3.35)
    uglifier (1.3.0)
      execjs (>= 0.3.0)
      multi_json (~> 1.0, >= 1.0.2)
    unicorn (4.4.0)
      kgio (~> 2.6)
      rack
      raindrops (~> 0.7)
    warden (1.0.6)
      rack (>= 1.0)
    whenever (0.8.0)
      activesupport (>= 2.3.4)
      chronic (>= 0.6.3)
    zip-code-info (0.1.1)

PLATFORMS
  ruby

DEPENDENCIES
  airbrake
  capistrano
  cocaine (= 0.3.1)
  coffee-rails (~> 3.1.1)
  dalli (~> 1.0.3)
  execjs
  jquery-rails
  json
  kgio (= 2.7.0)
  letter_opener
  mongrel
  mysql2
  rails (= 3.1.6)
  role-rails
  rspec-rails
  rvm-capistrano
  sass-rails (~> 3.1.5)
  sitemap_generator
  slim
  spree!
  spree_address_book (~> 0.70.0)
  spree_advanced_cart!
  spree_blue_theme!
  spree_editor!
  spree_i18n!
  spree_online_support!
  spree_static_content!
  spree_yandex_market!
  synergy!
  synergy_inventory_management!
  synergy_russian
  therubyracer
  tinymce-rails
  tinymce-rails-langs
  uglifier (>= 1.0.3)
  unicorn
  whenever
